GEM
  remote: https://rubygems.org/
  specs:
    clipboard (1.3.6)

PLATFORMS
  x64-mingw-ucrt

DEPENDENCIES
  clipboard
  ffi

BUNDLED WITH
   2.3.16
