GEM
  remote: https://rubygems.org/
  specs:
    clipboard (1.3.6)
    ffi (1.15.5-x64-mingw-ucrt)

PLATFORMS
  x64-mingw-ucrt

DEPENDENCIES
  clipboard
  ffi

BUNDLED WITH
   2.3.16
